GEM
  remote: https://rubygems.org/
  specs:
    midilib (2.0.5)
    parallel (1.20.1)

PLATFORMS
  universal-darwin-19

DEPENDENCIES
  midilib
  parallel

BUNDLED WITH
   2.2.2
